GEM
  remote: http://rubygems.org/
  specs:
    mail (2.7.1)
      mini_mime (>= 0.1.1)
    mini_mime (1.0.1)
    mustermann (1.1.1)
      ruby2_keywords (~> 0.0.1)
    pony (1.12)
      mail (>= 2.0)
    rack (2.2.3)
    rack-protection (2.2.0)
      rack
    ruby2_keywords (0.0.5)
    sinatra (2.2.0)
      mustermann (~> 1.0)
      rack (~> 2.2)
      rack-protection (= 2.2.0)
      tilt (~> 2.0)
    tilt (2.0.10)

PLATFORMS
  ruby

DEPENDENCIES
  pony
  sinatra

RUBY VERSION
   ruby 2.5.3p105

BUNDLED WITH
   1.17.1
